GEM
  remote: https://rubygems.org/
  specs:
    aws-sdk (1.8.3)
      json (~> 1.4)
      nokogiri (>= 1.4.4)
      uuidtools (~> 2.1)
    i18n (0.6.1)
    json (1.7.7)
    net-ssh (2.6.5)
    nokogiri (1.5.6)
    rake (10.0.3)
    uuidtools (2.1.3)

PLATFORMS
  ruby

DEPENDENCIES
  aws-sdk
  i18n
  json
  net-ssh
  rake
